PATH
  remote: .
  specs:
    vermonster (0.1.1)
      faraday (~> 0.8.0)
      faraday_middleware (~> 0.8.8)
      hashie (~> 1.2.0)

GEM
  remote: http://rubygems.org/
  specs:
    ZenTest (4.8.2)
    addressable (2.2.8)
    autotest (4.4.6)
      ZenTest (>= 4.4.1)
    crack (0.3.1)
    diff-lcs (1.1.3)
    faraday (0.8.1)
      multipart-post (~> 1.1)
    faraday_middleware (0.8.8)
      faraday (>= 0.7.4, < 0.9)
    fuubar (1.1.0)
      rspec (~> 2.0)
      rspec-instafail (~> 0.2.0)
      ruby-progressbar (~> 1.0.0)
    hashie (1.2.0)
    multipart-post (1.1.5)
    rake (0.9.2.2)
    rspec (2.11.0)
      rspec-core (~> 2.11.0)
      rspec-expectations (~> 2.11.0)
      rspec-mocks (~> 2.11.0)
    rspec-core (2.11.0)
    rspec-expectations (2.11.1)
      diff-lcs (~> 1.1.3)
    rspec-instafail (0.2.4)
    rspec-mocks (2.11.1)
    ruby-progressbar (1.0.2)
    spork (0.9.2)
    vcr (2.2.3)
    webmock (1.8.7)
      addressable (>= 2.2.7)
      crack (>= 0.1.7)

PLATFORMS
  ruby

DEPENDENCIES
  autotest
  fuubar
  rake
  rspec
  spork
  vcr
  vermonster!
  webmock
